GEM
  remote: http://rubygems.org/
  specs:
    addressable (2.2.8)
    childprocess (0.3.2)
      ffi (~> 1.0.6)
    coderay (1.0.5)
    ffi (1.0.11)
    libwebsocket (0.1.3)
      addressable
    method_source (0.7.1)
    multi_json (1.3.4)
    pry (0.9.8.4)
      coderay (~> 1.0.5)
      method_source (~> 0.7.1)
      slop (>= 2.4.4, < 3)
    pry-nav (0.2.0)
      pry (~> 0.9.8.1)
    require_all (1.2.1)
    rubyzip (0.9.8)
    selenium-webdriver (2.21.2)
      childprocess (>= 0.2.5)
      ffi (~> 1.0)
      libwebsocket (~> 0.1.3)
      multi_json (~> 1.0)
      rubyzip
    slop (2.4.4)
    watir-webdriver (0.5.6)
      selenium-webdriver (>= 2.18.0)

PLATFORMS
  ruby
  x86-mingw32

DEPENDENCIES
  pry
  pry-nav
  require_all
  watir-webdriver
